GEM
  remote: https://rubygems.org/
  specs:
    citrus (3.0.2)
    domain_name (0.5.20160615)
      unf (>= 0.0.5, < 1.0.0)
    dotenv (2.1.1)
    easypost (2.1.11)
      multi_json (>= 1.3.0)
      rest-client (~> 1.4)
    http-cookie (1.0.2)
      domain_name (~> 0.5)
    mime-types (2.99.2)
    multi_json (1.12.1)
    netrc (0.11.0)
    rest-client (1.8.0)
      http-cookie (>= 1.0.2, < 2.0)
      mime-types (>= 1.16, < 3.0)
      netrc (~> 0.7)
    slop (4.3.0)
    toml-rb (0.3.14)
      citrus (~> 3.0, > 3.0)
    unf (0.1.4)
      unf_ext
    unf_ext (0.0.7.2)

PLATFORMS
  ruby

DEPENDENCIES
  dotenv
  easypost
  slop
  toml-rb

BUNDLED WITH
   1.11.2
